PATH
  remote: .
  specs:
    okta-auth-proxy (0.0.5)
      activesupport (= 5.2.0)
      em-synchrony (= 1.0.6)
      omniauth (= 1.8.1)
      omniauth-saml (= 1.10.0)
      sinatra (= 2.0.1)
      thin (= 1.7.2)
      thor (>= 0.20.0)

GEM
  remote: https://rubygems.org/
  specs:
    activesupport (5.2.0)
      concurrent-ruby (~> 1.0, >= 1.0.2)
      i18n (>= 0.7, < 2)
      minitest (~> 5.1)
      tzinfo (~> 1.1)
    byebug (10.0.2)
    coderay (1.1.2)
    concurrent-ruby (1.0.5)
    daemons (1.2.6)
    diff-lcs (1.3)
    docile (1.3.0)
    em-synchrony (1.0.6)
      eventmachine (>= 1.0.0.beta.1)
    eventmachine (1.2.5)
    hashie (3.5.7)
    i18n (1.0.0)
      concurrent-ruby (~> 1.0)
    json (2.1.0)
    method_source (0.8.2)
    mini_portile2 (2.3.0)
    minitest (5.11.3)
    mustermann (1.0.2)
    nokogiri (1.8.2)
      mini_portile2 (~> 2.3.0)
    omniauth (1.8.1)
      hashie (>= 3.4.6, < 3.6.0)
      rack (>= 1.6.2, < 3)
    omniauth-saml (1.10.0)
      omniauth (~> 1.3, >= 1.3.2)
      ruby-saml (~> 1.7)
    pry (0.10.4)
      coderay (~> 1.1.0)
      method_source (~> 0.8.1)
      slop (~> 3.4)
    pry-byebug (3.6.0)
      byebug (~> 10.0)
      pry (~> 0.10)
    rack (2.0.4)
    rack-protection (2.0.1)
      rack
    rake (12.3.1)
    rspec (3.7.0)
      rspec-core (~> 3.7.0)
      rspec-expectations (~> 3.7.0)
      rspec-mocks (~> 3.7.0)
    rspec-core (3.7.1)
      rspec-support (~> 3.7.0)
    rspec-expectations (3.7.0)
      diff-lcs (>= 1.2.0, < 2.0)
      rspec-support (~> 3.7.0)
    rspec-mocks (3.7.0)
      diff-lcs (>= 1.2.0, < 2.0)
      rspec-support (~> 3.7.0)
    rspec-support (3.7.1)
    ruby-saml (1.7.2)
      nokogiri (>= 1.5.10)
    simplecov (0.16.1)
      docile (~> 1.1)
      json (>= 1.8, < 3)
      simplecov-html (~> 0.10.0)
    simplecov-html (0.10.2)
    sinatra (2.0.1)
      mustermann (~> 1.0)
      rack (~> 2.0)
      rack-protection (= 2.0.1)
      tilt (~> 2.0)
    slop (3.6.0)
    thin (1.7.2)
      daemons (~> 1.0, >= 1.0.9)
      eventmachine (~> 1.0, >= 1.0.4)
      rack (>= 1, < 3)
    thor (0.20.0)
    thread_safe (0.3.6)
    tilt (2.0.8)
    tzinfo (1.2.5)
      thread_safe (~> 0.1)

PLATFORMS
  ruby

DEPENDENCIES
  okta-auth-proxy!
  pry (= 0.10.4)
  pry-byebug (= 3.6.0)
  rake (= 12.3.1)
  rspec (= 3.7.0)
  simplecov (= 0.16.1)

BUNDLED WITH
   1.16.1
